GEM
  remote: https://rubygems.org/
  specs:
    amazing_print (1.3.0)
    apipie-bindings (0.4.0)
      json (>= 1.2.1)
      oauth
      rest-client (>= 1.6.5, < 3.0.0)
    clamp (1.1.2)
    domain_name (0.5.20190701)
      unf (>= 0.0.5, < 1.0.0)
    fast_gettext (2.0.3)
    hammer_cli (2.4.0)
      amazing_print
      apipie-bindings (>= 0.2.0)
      clamp (>= 1.1, < 1.2.0)
      fast_gettext
      highline
      locale (>= 2.0.6)
      logging
      unicode
      unicode-display_width
    hammer_cli_foreman (2.4.0)
      apipie-bindings (>= 0.3.0)
      hammer_cli (>= 2.4.0)
      jwt (>= 2.2.1)
      rest-client (>= 1.8.0, < 3.0.0)
    hammer_cli_foreman_ssh (0.0.3)
      hammer_cli (>= 0.0.6)
      hammer_cli_foreman
      net-ssh-multi (>= 1.2.1)
    highline (2.0.3)
    http-accept (1.7.0)
    http-cookie (1.0.3)
      domain_name (~> 0.5)
    json (2.5.1)
    jwt (2.2.2)
    little-plugger (1.1.4)
    locale (2.1.3)
    logging (2.3.0)
      little-plugger (~> 1.1)
      multi_json (~> 1.14)
    mime-types (3.3.1)
      mime-types-data (~> 3.2015)
    mime-types-data (3.2021.0225)
    multi_json (1.15.0)
    net-ssh (6.1.0)
    net-ssh-gateway (2.0.0)
      net-ssh (>= 4.0.0)
    net-ssh-multi (1.2.1)
      net-ssh (>= 2.6.5)
      net-ssh-gateway (>= 1.2.0)
    netrc (0.11.0)
    oauth (0.5.5)
    rest-client (2.1.0)
      http-accept (>= 1.7.0, < 2.0)
      http-cookie (>= 1.0.2, < 2.0)
      mime-types (>= 1.16, < 4.0)
      netrc (~> 0.8)
    unf (0.1.4)
      unf_ext
    unf_ext (0.0.7.7)
    unicode (0.4.4.4)
    unicode-display_width (2.0.0)

PLATFORMS
  ruby

DEPENDENCIES
  hammer_cli_foreman_ssh

BUNDLED WITH
   2.1.4
